GEM
  remote: https://rubygems.org/
  specs:
    rack (3.0.0)
    rake (13.0.6)

PLATFORMS
  ruby

DEPENDENCIES
  rack (>= 2.1.4)
  rake (>= 12.3.3)

BUNDLED WITH
   1.17.3
