GEM
  remote: https://rubygems.org/
  specs:
    rack (2.2.3)
    rake (12.3.0)

PLATFORMS
  ruby

DEPENDENCIES
  rack (>= 2.1.4)
  rake

BUNDLED WITH
   1.17.3
