GEM
  remote: https://rubygems.org/
  specs:
    rack (3.0.4.1)
    rake (12.3.0)

PLATFORMS
  ruby

DEPENDENCIES
  rack (>= 2.0.9.2)
  rake

BUNDLED WITH
   1.17.3
