GEM
  remote: https://rubygems.org/
  specs:
    rack (2.0.8)
    rake (12.3.0)

PLATFORMS
  ruby

DEPENDENCIES
  rack (>= 2.0.8)
  rake

BUNDLED WITH
   1.17.3
