GEM
  remote: https://rubygems.org/
  specs:
    rack (2.0.6)
    rake (13.0.1)

PLATFORMS
  ruby

DEPENDENCIES
  rack
  rake (>= 12.3.3)

BUNDLED WITH
   1.17.3
